GEM
  remote: https://rubygems.org/
  specs:
    coderay (1.1.2)
    json (2.1.0)
    method_source (0.9.1)
    pry (0.12.0)
      coderay (~> 1.1.0)
      method_source (~> 0.9.0)
    rack (2.0.6)

PLATFORMS
  ruby

DEPENDENCIES
  json
  pry
  rack

BUNDLED WITH
   1.16.2
